PATH
  remote: .
  specs:
    init (0.2.0)

GEM
  remote: http://rubygems.org/
  specs:

PLATFORMS
  ruby

DEPENDENCIES
  bundler
  init!
