GEM
  remote: http://rubygems.org/
  specs:
    actionpack (3.2.9)
      activemodel (= 3.2.9)
      activesupport (= 3.2.9)
      builder (~> 3.0.0)
      erubis (~> 2.7.0)
      journey (~> 1.0.4)
      rack (~> 1.4.0)
      rack-cache (~> 1.2)
      rack-test (~> 0.6.1)
      sprockets (~> 2.2.1)
    active_attr (0.5.1)
      activemodel (>= 3.0.2, < 4.1)
      activesupport (>= 3.0.2, < 4.1)
    activemodel (3.2.9)
      activesupport (= 3.2.9)
      builder (~> 3.0.0)
    activerecord (3.2.9)
      activemodel (= 3.2.9)
      activesupport (= 3.2.9)
      arel (~> 3.0.2)
      tzinfo (~> 0.3.29)
    activesupport (3.2.9)
      i18n (~> 0.6)
      multi_json (~> 1.0)
    arel (3.0.2)
    builder (3.0.4)
    diff-lcs (1.1.3)
    erubis (2.7.0)
    graph_builder (1.0.1)
    gsm2 (2.1.1)
      active_attr
      activemodel (>= 3.2)
      activesupport (>= 3.2)
      luhnar (>= 1.0)
    hermes (1.0.0)
      activerecord
      activesupport
      builder
      diff-lcs
      graph_builder
      gsm2 (~> 2.1)
      interfaces (~> 2.3)
      logging
      nokogiri (~> 1.5)
      paper_trail (~> 2)
      pg (= 0.11.0)
      range_builder
      ruby-gsm (~> 1.1.0)
    hike (1.2.1)
    i18n (0.6.1)
    interfaces (2.3.0)
      active_attr
      activemodel (~> 3.2)
      activesupport (~> 3.2)
      net-sftp
      zip
    journey (1.0.4)
    json (1.7.5)
    little-plugger (1.1.3)
    logging (1.8.0)
      little-plugger (>= 1.1.3)
      multi_json (>= 1.3.6)
    luhnar (1.0.1)
    multi_json (1.3.7)
    net-sftp (2.0.5)
      net-ssh (>= 2.0.9)
    net-ssh (2.6.2)
    nokogiri (1.5.5)
    paper_trail (2.6.4)
      activerecord (~> 3.0)
      railties (~> 3.0)
    pg (0.11.0)
    rack (1.4.1)
    rack-cache (1.2)
      rack (>= 0.4)
    rack-ssl (1.3.2)
      rack
    rack-test (0.6.2)
      rack (>= 1.0)
    railties (3.2.9)
      actionpack (= 3.2.9)
      activesupport (= 3.2.9)
      rack-ssl (~> 1.3.2)
      rake (>= 0.8.7)
      rdoc (~> 3.4)
      thor (>= 0.14.6, < 2.0)
    rake (10.0.2)
    range_builder (1.0.2)
    rdoc (3.12)
      json (~> 1.4)
    ruby-gsm (1.1.0)
    sprockets (2.2.1)
      hike (~> 1.2)
      multi_json (~> 1.0)
      rack (~> 1.0)
      tilt (~> 1.1, != 1.3.0)
    thor (0.16.0)
    tilt (1.3.3)
    tzinfo (0.3.35)
    zip (2.0.2)

PLATFORMS
  ruby

DEPENDENCIES
  hermes (= 1.0.0)
